GEM
  remote: https://rubygems.org/
  specs:
    cinch (2.2.3)
    cinch-cooldown (1.1.5)
      cinch (~> 2)
      time-lord (~> 1.0, >= 1.0.1)
    cinch-toolbox (1.1.2)
      nokogiri (~> 1.6.0)
      patron (~> 0.4.18)
    dotenv (1.0.2)
    foreman (0.77.0)
      dotenv (~> 1.0.2)
      thor (~> 0.19.1)
    god (0.13.5)
    httparty (0.13.3)
      json (~> 1.8)
      multi_xml (>= 0.5.2)
    json (1.8.2)
    mini_portile (0.6.0)
    multi_xml (0.5.5)
    nokogiri (1.6.2.1)
      mini_portile (= 0.6.0)
    patron (0.4.18)
    thor (0.19.1)
    time-lord (1.0.1)

PLATFORMS
  ruby

DEPENDENCIES
  cinch
  cinch-cooldown
  cinch-toolbox
  foreman
  god
  httparty
