GEM
  remote: https://rubygems.org/
  specs:
    cinch-toolbox (1.1.2)
      nokogiri (~> 1.6.0)
      patron (~> 0.4.18)
    mini_portile (0.6.0)
    nokogiri (1.6.2.1)
      mini_portile (= 0.6.0)
    patron (0.4.18)

PLATFORMS
  ruby

DEPENDENCIES
  cinch-toolbox
